PATH
  remote: .
  specs:
    ups-ruby (0.9.7)
      excon (~> 0.45, >= 0.45.3)
      insensitive_hash (~> 0.3.3)
      levenshtein-ffi (~> 1.1)
      ox (~> 2.2, >= 2.2.0)

GEM
  remote: http://rubygems.org/
  specs:
    codeclimate-test-reporter (1.0.9)
      simplecov (<= 0.13)
    docile (1.1.5)
    excon (0.64.0)
    ffi (1.10.0)
    insensitive_hash (0.3.3)
    json (2.2.0)
    levenshtein-ffi (1.1.0)
      ffi (~> 1.9)
    mini_portile2 (2.4.0)
    minitest (5.11.3)
    nokogiri (1.10.3)
      mini_portile2 (~> 2.4.0)
    ox (2.10.0)
    rake (12.3.2)
    simplecov (0.13.0)
      docile (~> 1.1.0)
      json (>= 1.8, < 3)
      simplecov-html (~> 0.10.0)
    simplecov-html (0.10.2)

PLATFORMS
  ruby

DEPENDENCIES
  codeclimate-test-reporter (~> 1.0.0)
  minitest
  nokogiri
  rake
  simplecov
  ups-ruby!

BUNDLED WITH
   1.17.3
